GEM
  remote: https://rubygems.org/
  specs:
    addressable (2.7.0)
      public_suffix (>= 2.0.2, < 5.0)
    ansi (1.5.0)
    capybara (3.32.1)
      addressable
      mini_mime (>= 0.1.3)
      nokogiri (~> 1.8)
      rack (>= 1.6.0)
      rack-test (>= 0.6.3)
      regexp_parser (~> 1.5)
      xpath (~> 3.2)
    diff-lcs (1.3)
    docile (1.3.2)
    mini_mime (1.0.2)
    mini_portile2 (2.4.0)
    nokogiri (1.10.9)
      mini_portile2 (~> 2.4.0)
    orderly (0.1.1)
      capybara (>= 1.1)
      rspec (>= 2.14)
    public_suffix (4.0.4)
    rack (2.2.3)
    rack-test (1.1.0)
      rack (>= 1.0, < 3)
    regexp_parser (1.7.0)
    rspec (3.9.0)
      rspec-core (~> 3.9.0)
      rspec-expectations (~> 3.9.0)
      rspec-mocks (~> 3.9.0)
    rspec-core (3.9.1)
      rspec-support (~> 3.9.1)
    rspec-expectations (3.9.1)
      diff-lcs (>= 1.2.0, < 2.0)
      rspec-support (~> 3.9.0)
    rspec-mocks (3.9.1)
      diff-lcs (>= 1.2.0, < 2.0)
      rspec-support (~> 3.9.0)
    rspec-support (3.9.2)
    simplecov (0.18.5)
      docile (~> 1.1)
      simplecov-html (~> 0.11)
    simplecov-console (0.7.2)
      ansi
      simplecov
      terminal-table
    simplecov-html (0.12.2)
    terminal-table (1.8.0)
      unicode-display_width (~> 1.1, >= 1.1.1)
    timecop (0.9.1)
    unicode-display_width (1.7.0)
    xpath (3.2.0)
      nokogiri (~> 1.8)

PLATFORMS
  ruby

DEPENDENCIES
  orderly
  rspec
  simplecov
  simplecov-console
  timecop

BUNDLED WITH
   2.1.4
